GEM
  remote: https://rubygems.org/
  specs:
    erubis (2.7.0)
    foodcritic (5.0.0)
      erubis
      gherkin (~> 2.11)
      nokogiri (>= 1.5, < 2.0)
      rake
      rufus-lru (~> 1.0)
      treetop (~> 1.4)
      yajl-ruby (~> 1.1)
    gherkin (2.12.2)
      multi_json (~> 1.3)
    mini_portile2 (2.3.0)
    multi_json (1.12.2)
    nokogiri (1.8.1)
      mini_portile2 (~> 2.3.0)
    polyglot (0.3.5)
    rake (10.5.0)
    rufus-lru (1.1.0)
    treetop (1.6.9)
      polyglot (~> 0.3)
    yajl-ruby (1.3.1)

PLATFORMS
  ruby

DEPENDENCIES
  foodcritic (~> 5.0)
  rake (~> 10.4)

BUNDLED WITH
   1.16.0
